GEM
  remote: http://rubygems.org/
  specs:
    i18n (0.6.0)
    metaclass (0.0.1)
    mocha (0.11.4)
      metaclass (~> 0.0.1)
    rake (0.9.2.2)
    xml-mapping (0.9.1)
    xml-object (0.9.93)

PLATFORMS
  ruby

DEPENDENCIES
  i18n
  mocha
  rake
  xml-mapping
  xml-object
